GEM
  remote: https://rubygems.org/
  specs:
    diff-lcs (1.2.5)
    parallel (1.6.0)
    parallel_split_test (0.4.0)
      parallel (>= 0.5.13)
      rspec (>= 3.1.0)
    parallel_tests (1.5.1)
      parallel
    rspec (3.3.0)
      rspec-core (~> 3.3.0)
      rspec-expectations (~> 3.3.0)
      rspec-mocks (~> 3.3.0)
    rspec-core (3.3.1)
      rspec-support (~> 3.3.0)
    rspec-expectations (3.3.0)
      diff-lcs (>= 1.2.0, < 2.0)
      rspec-support (~> 3.3.0)
    rspec-mocks (3.3.1)
      diff-lcs (>= 1.2.0, < 2.0)
      rspec-support (~> 3.3.0)
    rspec-support (3.3.0)

PLATFORMS
  ruby

DEPENDENCIES
  parallel_split_test (~> 0.4.0)
  parallel_tests (~> 1.5.1)
  rspec (~> 3.3.0)
